GEM
  remote: https://rubygems.org/
  specs:
    minitest (5.5.1)
    rack (1.6.0)
    rake (10.4.2)

PLATFORMS
  ruby

DEPENDENCIES
  minitest (~> 5.5)
  rack (~> 1.6)
  rake (~> 10.4)
